GEM
  remote: https://rubygems.org/
  specs:
    digest-crc (0.6.4)
      rake (>= 12.0.0, < 14.0.0)
    google-protobuf (3.19.1)
    grpc-tools (1.42.0)
    rake (13.0.6)
    ruby-kafka (1.5.0)
      digest-crc

PLATFORMS
  x86_64-darwin-21
  x86_64-linux

DEPENDENCIES
  google-protobuf
  grpc-tools
  ruby-kafka

BUNDLED WITH
  2.3.22
